GEM
  remote: https://rubygems.org/
  specs:
    CFPropertyList (3.0.2)
    activesupport (7.0.4.1)
      concurrent-ruby (~> 1.0, >= 1.0.2)
      i18n (>= 1.6, < 2)
      minitest (>= 5.1)
      tzinfo (~> 2.0)
    atomos (0.1.3)
    claide (1.0.3)
    clamp (1.3.2)
    colored2 (3.1.2)
    concurrent-ruby (1.1.10)
    i18n (1.12.0)
      concurrent-ruby (~> 1.0)
    mini_portile2 (2.4.0)
    minitest (5.17.0)
    nanaimo (0.3.0)
    nokogiri (1.10.10)
      mini_portile2 (~> 2.4.0)
    slather (2.5.0)
      CFPropertyList (>= 2.2, < 4)
      activesupport
      clamp (~> 1.3)
      nokogiri (~> 1.8)
      xcodeproj (~> 1.7)
    tzinfo (2.0.5)
      concurrent-ruby (~> 1.0)
    xcodeproj (1.19.0)
      CFPropertyList (>= 2.3.3, < 4.0)
      atomos (~> 0.1.3)
      claide (>= 1.0.2, < 2.0)
      colored2 (~> 3.1)
      nanaimo (~> 0.3.0)

PLATFORMS
  ruby

DEPENDENCIES
  slather

BUNDLED WITH
   2.1.4
